GIT
  remote: https://github.com/everypolitician/commons-builder.git
  revision: 936a12eddd2fc0eda3d910bde60f605d34960c26
  specs:
    commons-builder (0.1.0)
      commons-integrity
      liquid
      rest-client (~> 2.0.2)

GEM
  remote: https://rubygems.org/
  specs:
    activesupport (5.2.1)
      concurrent-ruby (~> 1.0, >= 1.0.2)
      i18n (>= 0.7, < 2)
      minitest (~> 5.1)
      tzinfo (~> 1.1)
    commons-integrity (0.1)
      activesupport
      json
      require_all
    concurrent-ruby (1.0.5)
    domain_name (0.5.20180417)
      unf (>= 0.0.5, < 1.0.0)
    http-cookie (1.0.3)
      domain_name (~> 0.5)
    i18n (1.1.0)
      concurrent-ruby (~> 1.0)
    json (2.1.0)
    liquid (4.0.0)
    liquid-template-inheritance (2.6.2)
    mime-types (3.2.2)
      mime-types-data (~> 3.2015)
    mime-types-data (3.2018.0812)
    minitest (5.11.3)
    mustermann (1.0.3)
    netrc (0.11.0)
    puma (3.12.0)
    rack (2.0.5)
    rack-protection (2.0.3)
      rack
    require_all (2.0.0)
    rest-client (2.0.2)
      http-cookie (>= 1.0.2, < 2.0)
      mime-types (>= 1.16, < 4.0)
      netrc (~> 0.8)
    sinatra (2.0.3)
      mustermann (~> 1.0)
      rack (~> 2.0)
      rack-protection (= 2.0.3)
      tilt (~> 2.0)
    thread_safe (0.3.6)
    tilt (2.0.8)
    tzinfo (1.2.5)
      thread_safe (~> 0.1)
    unf (0.1.4)
      unf_ext
    unf_ext (0.0.7.5)

PLATFORMS
  ruby

DEPENDENCIES
  commons-builder!
  liquid
  liquid-template-inheritance
  puma
  sinatra

RUBY VERSION
   ruby 2.4.3p205

BUNDLED WITH
   1.16.4
